GEM
  remote: https://rubygems.org/
  specs:
    activesupport (3.2.13)
      i18n (= 0.6.1)
      multi_json (~> 1.0)
    coderay (1.0.8)
    diff-lcs (1.1.3)
    i18n (0.6.1)
    method_source (0.8.1)
    multi_json (1.7.3)
    pry (0.9.11.4)
      coderay (~> 1.0.5)
      method_source (~> 0.8)
      slop (~> 3.4)
    pry-nav (0.2.3)
      pry (~> 0.9.10)
    rake (0.9.2)
    rspec (2.10.0)
      rspec-core (~> 2.10.0)
      rspec-expectations (~> 2.10.0)
      rspec-mocks (~> 2.10.0)
    rspec-core (2.10.1)
    rspec-expectations (2.10.0)
      diff-lcs (~> 1.1.3)
    rspec-mocks (2.10.1)
    slop (3.4.3)

PLATFORMS
  ruby

DEPENDENCIES
  activesupport
  pry
  pry-nav
  rake (= 0.9.2)
  rspec (= 2.10.0)
